GIT
  remote: git://github.com/elastic/logstash.git
  revision: 6d0298814226f419294c9b38022334d2eca103f2
  specs:
    logstash-core (2.0.0.dev)
      cabin (~> 0.7.0)
      clamp (~> 0.6.5)
      filesize (= 0.0.4)
      i18n (= 0.6.9)
      minitar (~> 0.5.4)
      oj
      pry (~> 0.10.1)
      stud (~> 0.0.19)
      treetop (< 1.5.0)

GEM
  remote: https://rubygems.org/
  specs:
    cabin (0.7.1)
    clamp (0.6.5)
    coderay (1.1.0)
    diff-lcs (1.2.5)
    ffi (1.9.8-java)
    filesize (0.0.4)
    i18n (0.6.9)
    jls-grok (0.11.2)
      cabin (>= 0.6.0)
    logstash-filter-grok (0.1.11)
      jls-grok (~> 0.11.1)
      logstash-core (>= 1.4.0, < 2.0.0)
      logstash-patterns-core
    logstash-patterns-core (0.1.10)
      logstash-core (>= 1.4.0, < 2.0.0)
    method_source (0.8.2)
    minitar (0.5.4)
    oj (2.12.8)
    polyglot (0.3.5)
    pry (0.10.1)
      coderay (~> 1.1.0)
      method_source (~> 0.8.1)
      slop (~> 3.4)
    pry (0.10.1-java)
      coderay (~> 1.1.0)
      method_source (~> 0.8.1)
      slop (~> 3.4)
      spoon (~> 0.0)
    rspec (3.2.0)
      rspec-core (~> 3.2.0)
      rspec-expectations (~> 3.2.0)
      rspec-mocks (~> 3.2.0)
    rspec-core (3.2.3)
      rspec-support (~> 3.2.0)
    rspec-expectations (3.2.1)
      diff-lcs (>= 1.2.0, < 2.0)
      rspec-support (~> 3.2.0)
    rspec-mocks (3.2.1)
      diff-lcs (>= 1.2.0, < 2.0)
      rspec-support (~> 3.2.0)
    rspec-support (3.2.2)
    slop (3.6.0)
    spoon (0.0.4)
      ffi
    stud (0.0.19)
    treetop (1.4.15)
      polyglot
      polyglot (>= 0.3.1)

PLATFORMS
  java
  ruby

DEPENDENCIES
  logstash-core!
  logstash-filter-grok
  rspec
